GIT
  remote: git://github.com/sinatra/sinatra.git
  revision: ab377da110e1b8552750bc3e2fc77d74d99cb240
  specs:
    sinatra (1.4.4)
      rack (~> 1.4)
      rack-protection (~> 1.4)
      tilt (~> 1.3, >= 1.3.4)

GEM
  remote: https://rubygems.org/
  specs:
    dotenv (1.0.2)
    etcd (0.2.4)
      mixlib-log
    foreman (0.77.0)
      dotenv (~> 1.0.2)
      thor (~> 0.19.1)
    json (1.8.1)
    mime-types (2.4.3)
    mixlib-log (1.6.0)
    netrc (0.10.2)
    rack (1.5.2)
    rack-protection (1.5.2)
      rack
    rest-client (1.7.2)
      mime-types (>= 1.16, < 3.0)
      netrc (~> 0.7)
    sinatra-flash (0.3.0)
      sinatra (>= 1.0.0)
    thor (0.19.1)
    tilt (1.4.1)

PLATFORMS
  ruby

DEPENDENCIES
  etcd
  foreman
  json
  rest-client
  sinatra!
  sinatra-flash
