GIT
  remote: git://github.com/sinatra/sinatra.git
  revision: ab377da110e1b8552750bc3e2fc77d74d99cb240
  specs:
    sinatra (1.4.4)
      rack (~> 1.4)
      rack-protection (~> 1.4)
      tilt (~> 1.3, >= 1.3.4)

GEM
  remote: https://rubygems.org/
  specs:
    hashie (2.1.1)
    json (1.8.1)
    omniauth (1.2.1)
      hashie (>= 1.2, < 3)
      rack (~> 1.0)
    rack (1.5.2)
    rack-protection (1.5.2)
      rack
    redis (3.0.7)
    tilt (1.4.1)

PLATFORMS
  ruby

DEPENDENCIES
  json
  omniauth
  redis
  sinatra!
